PATH
  remote: .
  specs:
    posmoni (0.0.6)
      json (~> 2.2)

GEM
  remote: https://rubygems.org/
  specs:
    addressable (2.7.0)
      public_suffix (>= 2.0.2, < 5.0)
    crack (0.4.3)
      safe_yaml (~> 1.0.0)
    docile (1.1.5)
    hashdiff (1.0.0)
    json (2.2.0)
    minitest (5.13.0)
    public_suffix (4.0.1)
    rake (12.3.3)
    safe_yaml (1.0.5)
    simplecov (0.15.1)
      docile (~> 1.1.0)
      json (>= 1.8, < 3)
      simplecov-html (~> 0.10.0)
    simplecov-html (0.10.2)
    webmock (3.7.6)
      addressable (>= 2.3.6)
      crack (>= 0.3.2)
      hashdiff (>= 0.4.0, < 2.0.0)

PLATFORMS
  ruby

DEPENDENCIES
  minitest (~> 5.11, >= 5.11.3)
  posmoni!
  rake (~> 12.3)
  simplecov (~> 0.15.1)
  webmock (~> 3.3)

BUNDLED WITH
   1.17.1
